GEM
  remote: https://rubygems.org/
  specs:
    diff-lcs (1.2.5)
    rack (1.5.2)
    redcarpet (3.0.0)
    rspec (2.14.1)
      rspec-core (~> 2.14.0)
      rspec-expectations (~> 2.14.0)
      rspec-mocks (~> 2.14.0)
    rspec-core (2.14.7)
    rspec-expectations (2.14.4)
      diff-lcs (>= 1.1.3, < 2.0)
    rspec-mocks (2.14.4)
    sass (3.2.12)
    sinatra (1.0)
      rack (>= 1.0)
    sitespec (0.0.4)
      rspec
    slim (2.0.2)
      temple (~> 0.6.6)
      tilt (>= 1.3.3, < 2.1)
    temple (0.6.7)
    tilt (2.0.0)

PLATFORMS
  ruby

DEPENDENCIES
  redcarpet
  sass
  sinatra
  sitespec
  slim
